PATH
  remote: .
  specs:
    cap-recipes (2.4.0)
      capistrano
      capistrano (~> 2.0)

GEM
  remote: http://rubygems.org/
  specs:
    capistrano (2.9.0)
      highline
      net-scp (>= 1.0.0)
      net-sftp (>= 2.0.0)
      net-ssh (>= 2.0.14)
      net-ssh-gateway (>= 1.1.0)
    git (1.2.5)
    highline (1.6.9)
    jeweler (1.6.4)
      bundler (~> 1.0)
      git (>= 1.2.5)
      rake
    json (1.6.5)
    net-scp (1.0.4)
      net-ssh (>= 1.99.1)
    net-sftp (2.0.5)
      net-ssh (>= 2.0.9)
    net-ssh (2.3.0)
    net-ssh-gateway (1.1.0)
      net-ssh (>= 1.99.1)
    rake (0.9.2.2)
    rdoc (3.12)
      json (~> 1.4)

PLATFORMS
  ruby

DEPENDENCIES
  cap-recipes!
  jeweler (~> 1.6)
  rake (~> 0.9.2)
  rdoc (~> 3.12)
